GEM
  remote: https://rubygems.org/
  specs:
    hike (1.2.3)
    jquery (0.0.1)
    multi_json (1.11.0)
    opal (0.7.2)
      hike (~> 1.2)
      sourcemap (~> 0.1.0)
      sprockets (>= 2.2.3, < 3.0.0)
      tilt (~> 1.4)
    opal-jquery (0.3.0)
      opal (~> 0.7.0)
    rack (1.6.1)
    sourcemap (0.1.1)
    sprockets (2.12.3)
      hike (~> 1.2)
      multi_json (~> 1.0)
      rack (~> 1.0)
      tilt (~> 1.1, != 1.3.0)
    tilt (1.4.1)

PLATFORMS
  ruby

DEPENDENCIES
  jquery
  opal
  opal-jquery
